PATH
  remote: .
  specs:
    sfsync (0.0.1)
      restforce (~> 3.1.0)

GEM
  remote: https://rubygems.org/
  specs:
    faraday (1.0.0)
      multipart-post (>= 1.2, < 3)
    faraday_middleware (1.0.0)
      faraday (~> 1.0)
    hashie (3.6.0)
    json (2.6.2)
    multipart-post (2.1.1)
    restforce (3.1.0)
      faraday (>= 0.9.0, <= 1.0)
      faraday_middleware (>= 0.8.8, <= 1.0)
      hashie (>= 1.2.0, < 4.0)
      json (>= 1.7.5)

PLATFORMS
  ruby

DEPENDENCIES
  sfsync!

BUNDLED WITH
   2.3.11
